GEM
  remote: http://rubygems.org/
  specs:
    metaclass (0.0.4)
    minitest (5.8.0)
    mocha (1.1.0)
      metaclass (~> 0.0.1)
    power_assert (0.2.2)
    rake (0.9.2.2)
    rdoc (4.2.0)
    test-unit (3.0.8)
      power_assert

PLATFORMS
  ruby

DEPENDENCIES
  minitest (~> 5.8.0)
  mocha (~> 1.1.0)
  rake
  rdoc (~> 4.2.0)
  test-unit

BUNDLED WITH
   1.10.5
