GEM
  remote: http://rubygems.org/
  specs:
    ast (2.0.0)
    astrolabe (1.3.0)
      parser (>= 2.2.0.pre.3, < 3.0)
    metaclass (0.0.4)
    minitest (5.8.0)
    mocha (1.1.0)
      metaclass (~> 0.0.1)
    parser (2.2.2.6)
      ast (>= 1.1, < 3.0)
    power_assert (0.2.2)
    powerpack (0.1.1)
    rainbow (2.0.0)
    rake (0.9.2.2)
    rdoc (4.2.0)
    rubocop (0.32.1)
      astrolabe (~> 1.3)
      parser (>= 2.2.2.5, < 3.0)
      powerpack (~> 0.1)
      rainbow (>= 1.99.1, < 3.0)
      ruby-progressbar (~> 1.4)
    ruby-progressbar (1.7.5)
    test-unit (3.0.8)
      power_assert

PLATFORMS
  ruby

DEPENDENCIES
  minitest (~> 5.8.0)
  mocha (~> 1.1.0)
  rake
  rdoc (~> 4.2.0)
  rubocop
  test-unit

BUNDLED WITH
   1.10.5
